GEM
  remote: https://rubygems.org/
  specs:
    childprocess (3.0.0)
    interactor (3.1.2)
    rubyzip (2.0.0)
    selenium-webdriver (3.142.7)
      childprocess (>= 0.5, < 4.0)
      rubyzip (>= 1.2.2)

PLATFORMS
  ruby

DEPENDENCIES
  interactor
  selenium-webdriver

BUNDLED WITH
   2.1.2
